GEM
  remote: https://rubygems.org/
  specs:
    trilogy (2.9.0)

PLATFORMS
  ruby

DEPENDENCIES
  trilogy

BUNDLED WITH
   2.6.3
