GEM
  remote: https://rubygems.org/
  specs:
    aws-eventstream (1.2.0)
    aws-partitions (1.621.0)
    aws-sdk-core (3.135.0)
      aws-eventstream (~> 1, >= 1.0.2)
      aws-partitions (~> 1, >= 1.525.0)
      aws-sigv4 (~> 1.1)
      jmespath (~> 1, >= 1.6.1)
    aws-sdk-secretsmanager (1.65.0)
      aws-sdk-core (~> 3, >= 3.127.0)
      aws-sigv4 (~> 1.1)
    aws-sigv4 (1.5.1)
      aws-eventstream (~> 1, >= 1.0.2)
    faraday (2.5.2)
      faraday-net_http (>= 2.0, < 3.1)
      ruby2_keywords (>= 0.0.4)
    faraday-net_http (3.0.0)
    jmespath (1.6.1)
    jwt (2.4.1)
    rexml (3.2.5)
    ruby2_keywords (0.0.5)

PLATFORMS
  ruby

DEPENDENCIES
  aws-sdk-core
  aws-sdk-secretsmanager
  faraday
  jwt
  rexml

BUNDLED WITH
   2.3.21
