GIT
  remote: https://github.com/sorah/xlat
  revision: fa62bfe3fc5fbec203dc519b0273d78ce271c91e
  branch: main
  specs:
    xlat (0.1.0.alpha1)
      logger
      rcx (~> 0.4.0)

GEM
  remote: https://rubygems.org/
  specs:
    logger (1.7.0)
    rcx (0.4.1)
      shellwords (~> 0.2)
    shellwords (0.2.2)

PLATFORMS
  ruby
  x86_64-linux

DEPENDENCIES
  xlat!

BUNDLED WITH
   2.7.1
