GIT
  remote: https://github.com/sorah/xlat
  revision: c0605139d660008cb04ef99324ea1a5dd265c0b5
  branch: main
  specs:
    xlat (0.1.0.alpha1)
      logger
      rb_sys (~> 0.9.102)

GEM
  remote: https://rubygems.org/
  specs:
    logger (1.7.0)
    rake-compiler-dock (1.9.1)
    rb_sys (0.9.111)
      rake-compiler-dock (= 1.9.1)

PLATFORMS
  ruby
  x86_64-linux

DEPENDENCIES
  xlat!

BUNDLED WITH
   2.6.2
