GIT
  remote: https://github.com/sorah/xlat
  revision: 1e94eed1593597be644f1d3ac6240a50f734a7a1
  branch: main
  specs:
    xlat (0.1.0.alpha1)
      logger
      rcx (~> 0.4.0)

GEM
  remote: https://rubygems.org/
  specs:
    logger (1.7.0)
    rcx (0.4.1)
      shellwords (~> 0.2)
    shellwords (0.2.2)

PLATFORMS
  ruby
  x86_64-linux

DEPENDENCIES
  xlat!

BUNDLED WITH
   2.7.1
