GEM
  remote: https://rubygems.org/
  specs:
    aws-eventstream (1.3.1)
    aws-partitions (1.1057.0)
    aws-sdk-core (3.219.0)
      aws-eventstream (~> 1, >= 1.3.0)
      aws-partitions (~> 1, >= 1.992.0)
      aws-sigv4 (~> 1.9)
      base64
      jmespath (~> 1, >= 1.6.1)
    aws-sdk-costexplorer (1.121.0)
      aws-sdk-core (~> 3, >= 3.216.0)
      aws-sigv4 (~> 1.5)
    aws-sdk-kms (1.99.0)
      aws-sdk-core (~> 3, >= 3.216.0)
      aws-sigv4 (~> 1.5)
    aws-sdk-s3 (1.182.0)
      aws-sdk-core (~> 3, >= 3.216.0)
      aws-sdk-kms (~> 1)
      aws-sigv4 (~> 1.5)
    aws-sigv4 (1.11.0)
      aws-eventstream (~> 1, >= 1.0.2)
    base64 (0.2.0)
    jmespath (1.6.2)
    rexml (3.4.1)

PLATFORMS
  ruby

DEPENDENCIES
  aws-sdk-costexplorer
  aws-sdk-s3
  rexml

BUNDLED WITH
   2.6.3
