GEM
  remote: https://rubygems.org/
  specs:
    ansi (1.5.0)
    base64 (0.2.0)
    bcrypt_pbkdf (1.1.1)
    ed25519 (1.3.0)
    ffi (1.17.1)
    ffi (1.17.1-x86_64-linux-gnu)
    hashie (5.0.0)
    hocho (0.3.8)
      hashie
      itamae
      net-ssh (>= 4.1.0)
      thor
    itamae (1.14.1)
      ansi
      hashie
      schash (~> 0.1.0)
      specinfra (>= 2.64.0, < 3.0.0)
      thor (>= 1.0.0)
    net-scp (4.1.0)
      net-ssh (>= 2.6.5, < 8.0.0)
    net-ssh (7.3.0)
    net-telnet (0.2.0)
    rbnacl (7.1.2)
      ffi (~> 1)
    schash (0.1.2)
    sfl (2.3)
    specinfra (2.92.0)
      base64
      net-scp
      net-ssh (>= 2.7)
      net-telnet
      sfl
    thor (1.3.2)
    x25519 (1.0.10)

PLATFORMS
  ruby
  x86_64-linux

DEPENDENCIES
  bcrypt_pbkdf
  ed25519
  hocho
  rbnacl
  x25519

BUNDLED WITH
   2.6.2
