GEM
  remote: https://rubygems.org/
  specs:
    addressable (2.6.0)
      public_suffix (>= 2.0.2, < 4.0)
    aws-eventstream (1.0.2)
    aws-partitions (1.149.0)
    aws-sdk-core (3.48.3)
      aws-eventstream (~> 1.0, >= 1.0.2)
      aws-partitions (~> 1.0)
      aws-sigv4 (~> 1.1)
      jmespath (~> 1.0)
    aws-sdk-ec2 (1.78.0)
      aws-sdk-core (~> 3, >= 3.48.2)
      aws-sigv4 (~> 1.1)
    aws-sdk-route53 (1.21.0)
      aws-sdk-core (~> 3, >= 3.48.2)
      aws-sigv4 (~> 1.1)
    aws-sigv4 (1.1.0)
      aws-eventstream (~> 1.0, >= 1.0.2)
    diffy (3.3.0)
    dnsruby (1.61.2)
      addressable (~> 2.5)
    hashie (3.6.0)
    jmespath (1.4.0)
    macaddr (1.7.1)
      systemu (~> 2.6.2)
    public_suffix (3.0.3)
    roadworker (0.5.10)
      aws-sdk-route53 (>= 1.13.0)
      diffy
      dnsruby
      hashie
      systemu
      term-ansicolor
      uuid
    systemu (2.6.5)
    term-ansicolor (1.7.1)
      tins (~> 1.0)
    tins (1.20.2)
    uuid (2.3.9)
      macaddr (~> 1.0)

PLATFORMS
  ruby

DEPENDENCIES
  aws-sdk-ec2
  roadworker (>= 0.5.9.beta7)

BUNDLED WITH
   2.0.1
