GEM
  remote: https://rubygems.org/
  specs:
    aws-eventstream (1.3.0)
    aws-partitions (1.907.0)
    aws-sdk-core (3.191.6)
      aws-eventstream (~> 1, >= 1.3.0)
      aws-partitions (~> 1, >= 1.651.0)
      aws-sigv4 (~> 1.8)
      jmespath (~> 1, >= 1.6.1)
    aws-sdk-ec2 (1.447.0)
      aws-sdk-core (~> 3, >= 3.191.0)
      aws-sigv4 (~> 1.1)
    aws-sdk-route53 (1.87.0)
      aws-sdk-core (~> 3, >= 3.191.0)
      aws-sigv4 (~> 1.1)
    aws-sigv4 (1.8.0)
      aws-eventstream (~> 1, >= 1.0.2)
    diffy (3.4.2)
    dnsruby (1.72.0)
      simpleidn (~> 0.2.1)
    hashie (5.0.0)
    jmespath (1.6.2)
    macaddr (1.7.2)
      systemu (~> 2.6.5)
    mini_portile2 (2.8.5)
    nokogiri (1.16.3)
      mini_portile2 (~> 2.8.2)
      racc (~> 1.4)
    racc (1.7.3)
    roadworker (0.5.16)
      aws-sdk-route53 (>= 1.22.0)
      diffy
      dnsruby
      hashie
      systemu
      term-ansicolor
      uuid
    simpleidn (0.2.1)
      unf (~> 0.1.4)
    sync (0.5.0)
    systemu (2.6.5)
    term-ansicolor (1.7.2)
      tins (~> 1.0)
    tins (1.32.1)
      sync
    unf (0.1.4)
      unf_ext
    unf_ext (0.0.9.1)
    uuid (2.3.9)
      macaddr (~> 1.0)

PLATFORMS
  ruby

DEPENDENCIES
  aws-sdk-ec2
  nokogiri
  roadworker (>= 0.5.9.beta7)

BUNDLED WITH
   2.4.22
