GEM
  remote: https://rubygems.org/
  specs:
    aws-eventstream (1.3.2)
    aws-partitions (1.1069.0)
    aws-sdk-core (3.220.1)
      aws-eventstream (~> 1, >= 1.3.0)
      aws-partitions (~> 1, >= 1.992.0)
      aws-sigv4 (~> 1.9)
      base64
      jmespath (~> 1, >= 1.6.1)
    aws-sdk-ec2 (1.510.0)
      aws-sdk-core (~> 3, >= 3.216.0)
      aws-sigv4 (~> 1.5)
    aws-sdk-route53 (1.111.0)
      aws-sdk-core (~> 3, >= 3.216.0)
      aws-sigv4 (~> 1.5)
    aws-sigv4 (1.11.0)
      aws-eventstream (~> 1, >= 1.0.2)
    base64 (0.2.0)
    bigdecimal (3.1.9)
    diffy (3.4.3)
    dnsruby (1.72.4)
      base64 (~> 0.2.0)
      logger (~> 1.6.5)
      simpleidn (~> 0.2.1)
    hashie (5.0.0)
    ipaddr (1.2.7)
    jmespath (1.6.2)
    logger (1.6.6)
    macaddr (1.7.2)
      systemu (~> 2.6.5)
    mini_portile2 (2.8.8)
    nokogiri (1.18.3)
      mini_portile2 (~> 2.8.2)
      racc (~> 1.4)
    ostruct (0.6.1)
    racc (1.8.1)
    roadworker (0.6.0)
      aws-sdk-route53 (>= 1.22.0)
      diffy
      dnsruby
      hashie
      ipaddr
      ostruct
      systemu
      term-ansicolor
      uuid
    simpleidn (0.2.3)
    sync (0.5.0)
    systemu (2.6.5)
    term-ansicolor (1.11.2)
      tins (~> 1.0)
    tins (1.38.0)
      bigdecimal
      sync
    uuid (2.3.9)
      macaddr (~> 1.0)

PLATFORMS
  ruby

DEPENDENCIES
  aws-sdk-ec2
  nokogiri
  roadworker (>= 0.5.9.beta7)

BUNDLED WITH
   2.6.2
